GEM
  remote: https://rubygems.org/
  specs:
    analytics-ruby (0.1.1)
      faraday (>= 0.8, < 0.10)
      faraday_middleware (~> 0.9.0)
      multi_json (~> 1.0)
    backports (3.1.0)
    better_errors (0.3.2)
      coderay (>= 1.0.0)
      erubis (>= 2.7.0)
    coderay (1.0.9)
    columnize (0.3.6)
    debugger (1.5.0)
      columnize (>= 0.3.1)
      debugger-linecache (~> 1.2.0)
      debugger-ruby_core_source (~> 1.2.0)
    debugger-linecache (1.2.0)
    debugger-ruby_core_source (1.2.0)
    erubis (2.7.0)
    eventmachine (1.0.1)
    faraday (0.8.6)
      multipart-post (~> 1.1)
    faraday_middleware (0.9.0)
      faraday (>= 0.7.4, < 0.9)
    json (1.7.7)
    method_source (0.8.1)
    multi_json (1.6.1)
    multipart-post (1.2.0)
    mysql (2.9.1)
    nokogiri (1.5.6)
    pry (0.9.12)
      coderay (~> 1.0.5)
      method_source (~> 0.8)
      slop (~> 3.4)
    pry-debugger (0.2.2)
      debugger (~> 1.3)
      pry (~> 0.9.10)
    pry-remote (0.1.7)
      pry (~> 0.9)
      slop (~> 3.0)
    puma (1.6.3)
      rack (~> 1.2)
    rack (1.5.2)
    rack-cors (0.2.7)
      rack
    rack-protection (1.4.0)
      rack
    rack-test (0.6.2)
      rack (>= 1.0)
    representable (1.3.3)
      json
      nokogiri
    roar (0.11.8)
      representable (>= 1.2.8)
    sequel (3.45.0)
    sinatra (1.3.5)
      rack (~> 1.4)
      rack-protection (~> 1.3)
      tilt (~> 1.3, >= 1.3.3)
    sinatra-contrib (1.3.2)
      backports (>= 2.0)
      eventmachine
      rack-protection
      rack-test
      sinatra (~> 1.3.0)
      tilt (~> 1.3)
    sinatra-sequel (0.9.0)
      sequel (>= 3.2.0)
      sinatra (>= 0.9.4)
    slop (3.4.3)
    tilt (1.3.4)

PLATFORMS
  ruby

DEPENDENCIES
  analytics-ruby
  better_errors (= 0.3.2)
  mysql
  pry
  pry-debugger
  pry-remote
  puma
  rack
  rack-cors
  roar (= 0.11.8)
  sequel
  sinatra
  sinatra-contrib
  sinatra-sequel
