GEM
  remote: http://rubygems.org/
  specs:
    andand (1.3.3)
    backports (2.6.5)
    better_errors (0.3.2)
      coderay (>= 1.0.0)
      erubis (>= 2.7.0)
    binding_of_caller (0.6.8)
    coderay (1.0.8)
    erubis (2.7.0)
    eventmachine (1.0.0)
    json (1.7.6)
    method_source (0.8.1)
    minitest (4.4.0)
    multi_json (1.3.7)
    mysql (2.9.0)
    nokogiri (1.5.6)
    pry (0.9.10)
      coderay (~> 1.0.5)
      method_source (~> 0.8)
      slop (~> 3.3.1)
    pry-remote (0.1.6)
      pry (~> 0.9)
      slop (~> 3.0)
    puma (1.6.3)
      rack (~> 1.2)
    rack (1.4.3)
    rack-cache (1.2)
      rack (>= 0.4)
    rack-contrib (1.1.0)
      rack (>= 0.9.1)
    rack-cors (0.2.7)
      rack
    rack-jsonp (1.3.1)
      rack
    rack-protection (1.3.2)
      rack
    rack-test (0.6.2)
      rack (>= 1.0)
    redis (3.0.2)
    redis-rack-cache (1.2.1)
      rack-cache (~> 1.2)
      redis-store (~> 1.1.0)
    redis-store (1.1.3)
      redis (>= 2.2.0)
    representable (1.2.9)
      json
      nokogiri
    roar (0.11.4)
      representable (>= 1.2.8)
    sequel (3.43.0)
    sinatra (1.3.3)
      rack (~> 1.3, >= 1.3.6)
      rack-protection (~> 1.2)
      tilt (~> 1.3, >= 1.3.3)
    sinatra-contrib (1.3.2)
      backports (>= 2.0)
      eventmachine
      rack-protection
      rack-test
      sinatra (~> 1.3.0)
      tilt (~> 1.3)
    sinatra-jsonp (0.4.1)
      multi_json (~> 1.3.7)
      sinatra (~> 1.0)
    sinatra-sequel (0.9.0)
      sequel (>= 3.2.0)
      sinatra (>= 0.9.4)
    slop (3.3.3)
    tilt (1.3.3)

PLATFORMS
  ruby

DEPENDENCIES
  andand
  better_errors (= 0.3.2)
  binding_of_caller
  minitest
  mysql
  pry
  pry-remote
  puma
  rack
  rack-cache
  rack-contrib
  rack-cors
  rack-jsonp
  redis-rack-cache
  redis-store
  roar (= 0.11.4)
  sequel
  sinatra
  sinatra-contrib
  sinatra-jsonp
  sinatra-sequel
