GEM
  remote: http://rubygems.org/
  specs:
    andand (1.3.3)
    coderay (1.0.8)
    json (1.7.5)
    json_pure (1.7.5)
    method_source (0.8)
    minitest (4.1.0)
    mysql (2.8.1)
    nokogiri (1.5.5)
    pry (0.9.10)
      coderay (~> 1.0.5)
      method_source (~> 0.8)
      slop (~> 3.3.1)
    pry-remote (0.1.6)
      pry (~> 0.9)
      slop (~> 3.0)
    rack (1.4.1)
    rack-cache (1.2)
      rack (>= 0.4)
    rack-contrib (1.1.0)
      rack (>= 0.9.1)
    rack-cors (0.2.7)
      rack
    rack-jsonp (1.3.1)
      rack
    rack-protection (1.2.0)
      rack
    redis (3.0.2)
    redis-rack-cache (1.2.1)
      rack-cache (~> 1.2)
      redis-store (~> 1.1.0)
    redis-store (1.1.3)
      redis (>= 2.2.0)
    representable (1.2.7)
      json
      nokogiri
    roar (0.11.3)
      representable (>= 1.2.2)
    sequel (3.40.0)
    sinatra (1.3.3)
      rack (~> 1.3, >= 1.3.6)
      rack-protection (~> 1.2)
      tilt (~> 1.3, >= 1.3.3)
    sinatra-jsonp (0.3.2)
      json_pure (~> 1.4)
      sinatra (~> 1.0)
    sinatra-sequel (0.9.0)
      sequel (>= 3.2.0)
      sinatra (>= 0.9.4)
    slop (3.3.3)
    tilt (1.3.3)

PLATFORMS
  ruby

DEPENDENCIES
  andand
  minitest
  mysql
  pry
  pry-remote
  rack
  rack-cache
  rack-contrib
  rack-cors
  rack-jsonp
  redis-rack-cache
  redis-store
  roar
  sequel
  sinatra
  sinatra-jsonp
  sinatra-sequel
